GIT
  remote: https://github.com/Spooner/ashton.git
  revision: 5ae66f00f5d5cec5027b1a498143282a0c7b5984
  specs:
    ashton (0.0.1alpha)
      gosu (~> 0.7.45)
      opengl (~> 0.8.0.pre1)

GEM
  remote: https://rubygems.org/
  specs:
    chingu (0.9rc8)
      gosu (>= 0.7.43)
      gosu (>= 0.7.43)
    columnize (0.3.6)
    debugger (1.5.0)
      columnize (>= 0.3.1)
      debugger-linecache (~> 1.2.0)
      debugger-ruby_core_source (~> 1.2.0)
    debugger-linecache (1.2.0)
    debugger-ruby_core_source (1.2.0)
    diff-lcs (1.2.1)
    gosu (0.7.45)
    opengl (0.8.0)
    require_all (1.2.1)
    rspec (2.13.0)
      rspec-core (~> 2.13.0)
      rspec-expectations (~> 2.13.0)
      rspec-mocks (~> 2.13.0)
    rspec-core (2.13.1)
    rspec-expectations (2.13.0)
      diff-lcs (>= 1.1.3, < 2.0)
    rspec-mocks (2.13.0)
    texplay (0.4.3)
      gosu (>= 0.7.25)

PLATFORMS
  ruby

DEPENDENCIES
  ashton!
  chingu (= 0.9rc8)
  debugger
  require_all
  rspec
  texplay
